GIT
  remote: git://github.com/nixme/jazz_hands.git
  revision: 5e4b48f145883ecb14b55bf04eacc28ac9662676
  branch: bring-your-own-debugger
  specs:
    jazz_hands (0.5.2)
      awesome_print (~> 1.2)
      coolline (>= 0.4.2)
      hirb (~> 0.7.1)
      pry (~> 0.9.12)
      pry-doc (~> 0.4.6)
      pry-git (~> 0.2.3)
      pry-rails (~> 0.3.2)
      pry-remote (>= 0.1.7)
      pry-stack_explorer (~> 0.4.9)
      railties (>= 3.0, < 5.0)

GEM
  remote: https://rubygems.org/
  specs:
    actionmailer (4.0.10)
      actionpack (= 4.0.10)
      mail (~> 2.5, >= 2.5.4)
    actionpack (4.0.10)
      activesupport (= 4.0.10)
      builder (~> 3.1.0)
      erubis (~> 2.7.0)
      rack (~> 1.5.2)
      rack-test (~> 0.6.2)
    active_model_serializers (0.9.3)
      activemodel (>= 3.2)
    activemodel (4.0.10)
      activesupport (= 4.0.10)
      builder (~> 3.1.0)
    activerecord (4.0.10)
      activemodel (= 4.0.10)
      activerecord-deprecated_finders (~> 1.0.2)
      activesupport (= 4.0.10)
      arel (~> 4.0.0)
    activerecord-deprecated_finders (1.0.3)
    activesupport (4.0.10)
      i18n (~> 0.6, >= 0.6.9)
      minitest (~> 4.2)
      multi_json (~> 1.3)
      thread_safe (~> 0.1)
      tzinfo (~> 0.3.37)
    addressable (2.3.6)
    annotate (2.6.5)
      activerecord (>= 2.3.0)
      rake (>= 0.8.7)
    arel (4.0.2)
    awesome_print (1.6.1)
    barber (0.6.0)
      ember-source
      execjs
      handlebars-source (>= 1.0.0.rc.4)
    barber-emblem (0.1.2)
      barber (>= 0.4.1)
      emblem-source
    better_errors (2.1.1)
      coderay (>= 1.0.0)
      erubis (>= 2.6.6)
      rack (>= 0.9.0)
    binding_of_caller (0.7.2)
      debug_inspector (>= 0.0.1)
    brakeman (3.0.1)
      erubis (~> 2.6)
      fastercsv (~> 1.5)
      haml (>= 3.0, < 5.0)
      highline (~> 1.6.20)
      multi_json (~> 1.2)
      ruby2ruby (~> 2.1.1)
      ruby_parser (~> 3.5.0)
      sass (~> 3.0)
      terminal-table (~> 1.4)
    builder (3.1.4)
    bullet (4.14.2)
      activesupport (>= 3.0.0)
      uniform_notifier (>= 1.6.0)
    byebug (2.7.0)
      columnize (~> 0.3)
      debugger-linecache (~> 1.2)
    callsite (0.0.11)
    capybara (2.4.4)
      mime-types (>= 1.16)
      nokogiri (>= 1.3.3)
      rack (>= 1.0.0)
      rack-test (>= 0.5.4)
      xpath (~> 2.0)
    capybara-webkit (1.4.0)
      capybara (>= 2.3.0, < 2.5.0)
      json
    celluloid (0.16.0)
      timers (~> 4.0.0)
    code_analyzer (0.4.5)
      sexp_processor
    coderay (1.1.0)
    coffee-rails (4.0.1)
      coffee-script (>= 2.2.0)
      railties (>= 4.0.0, < 5.0)
    coffee-script (2.3.0)
      coffee-script-source
      execjs
    coffee-script-source (1.8.0)
    colored (1.2)
    columnize (0.9.0)
    coolline (0.5.0)
      unicode_utils (~> 1.4)
    database_cleaner (1.3.0)
    debug_inspector (0.0.2)
    debugger-linecache (1.2.0)
    diff-lcs (1.2.5)
    diffy (3.0.7)
    ember-data-source (1.0.0.beta.14.1)
      ember-source (~> 1.8)
    ember-rails (0.16.1)
      active_model_serializers
      barber (>= 0.6.0)
      ember-data-source (>= 1.0.0.beta.5)
      ember-source (>= 1.1.0)
      execjs (>= 1.2)
      handlebars-source (> 1.0.0)
      jquery-rails (>= 1.0.17)
      railties (>= 3.1)
    ember-source (1.9.1)
      handlebars-source (~> 2.0)
    emblem-rails (0.2.2)
      barber-emblem (~> 0.1.1)
      ember-rails (>= 0.14.0)
    emblem-source (0.3.18)
    erubis (2.7.0)
    execjs (2.2.2)
    factory_girl (4.4.0)
      activesupport (>= 3.0.0)
    factory_girl_rails (4.4.1)
      factory_girl (~> 4.4.0)
      railties (>= 3.0.0)
    faker (1.4.3)
      i18n (~> 0.5)
    fastercsv (1.5.5)
    ffi (1.9.6)
    formatador (0.2.5)
    grit (2.5.0)
      diff-lcs (~> 1.1)
      mime-types (~> 1.15)
      posix-spawn (~> 0.3.6)
    guard (2.11.1)
      formatador (>= 0.2.4)
      listen (~> 2.7)
      lumberjack (~> 1.0)
      nenv (~> 0.1)
      notiffany (~> 0.0)
      pry (>= 0.9.12)
      shellany (~> 0.0)
      thor (>= 0.18.1)
    guard-jslint-on-rails (0.2.0)
      guard (>= 0.4.0)
      jslint_on_rails (>= 1.0.6)
    haml (4.0.6)
      tilt
    handlebars-source (2.0.0)
    highline (1.6.21)
    hike (1.2.3)
    hirb (0.7.3)
    hitimes (1.2.2)
    i18n (0.7.0)
    jasmine (2.1.0)
      jasmine-core (~> 2.1.0)
      phantomjs
      rack (>= 1.2.1)
      rake
    jasmine-core (2.1.3)
    jbuilder (2.2.6)
      activesupport (>= 3.0.0, < 5)
      multi_json (~> 1.2)
    jquery-rails (3.1.2)
      railties (>= 3.0, < 5.0)
      thor (>= 0.14, < 2.0)
    jslint_on_rails (1.1.1)
    json (1.8.2)
    launchy (2.4.3)
      addressable (~> 2.3)
    letter_opener (1.3.0)
      launchy (~> 2.2)
    listen (2.8.5)
      celluloid (>= 0.15.2)
      rb-fsevent (>= 0.9.3)
      rb-inotify (>= 0.9)
    lumberjack (1.0.9)
    mail (2.6.3)
      mime-types (>= 1.16, < 3)
    meta_request (0.3.4)
      callsite (~> 0.0, >= 0.0.11)
      rack-contrib (~> 1.1)
      railties (>= 3.0.0, < 5.0.0)
    method_source (0.8.2)
    mime-types (1.25.1)
    mini_portile (0.6.2)
    minitest (4.7.5)
    multi_json (1.10.1)
    nenv (0.2.0)
    nokogiri (1.6.6.2)
      mini_portile (~> 0.6.0)
    notiffany (0.0.3)
      nenv (~> 0.1)
      shellany (~> 0.0)
    pg (0.17.1)
    phantomjs (1.9.8.0)
    posix-spawn (0.3.9)
    power_assert (0.2.2)
    pry (0.9.12.6)
      coderay (~> 1.0)
      method_source (~> 0.8)
      slop (~> 3.4)
    pry-byebug (1.3.2)
      byebug (~> 2.7)
      pry (~> 0.9.12)
    pry-doc (0.4.6)
      pry (>= 0.9)
      yard (>= 0.8)
    pry-git (0.2.3)
      diffy
      grit
      pry (>= 0.9.8)
    pry-rails (0.3.2)
      pry (>= 0.9.10)
    pry-remote (0.1.8)
      pry (~> 0.9)
      slop (~> 3.0)
    pry-stack_explorer (0.4.9.1)
      binding_of_caller (>= 0.7)
      pry (>= 0.9.11)
    rack (1.5.2)
    rack-contrib (1.2.0)
      rack (>= 0.9.1)
    rack-test (0.6.3)
      rack (>= 1.0)
    rails (4.0.10)
      actionmailer (= 4.0.10)
      actionpack (= 4.0.10)
      activerecord (= 4.0.10)
      activesupport (= 4.0.10)
      bundler (>= 1.3.0, < 2.0)
      railties (= 4.0.10)
      sprockets-rails (~> 2.0)
    rails_best_practices (1.15.4)
      activesupport
      awesome_print
      code_analyzer (>= 0.4.3)
      colored
      erubis
      i18n
      json
      require_all
      ruby-progressbar
    railties (4.0.10)
      actionpack (= 4.0.10)
      activesupport (= 4.0.10)
      rake (>= 0.8.7)
      thor (>= 0.18.1, < 2.0)
    rake (10.4.2)
    rb-fsevent (0.9.4)
    rb-inotify (0.9.5)
      ffi (>= 0.5.0)
    require_all (1.3.2)
    rspec-core (3.1.7)
      rspec-support (~> 3.1.0)
    rspec-expectations (3.1.2)
      diff-lcs (>= 1.2.0, < 2.0)
      rspec-support (~> 3.1.0)
    rspec-mocks (3.1.3)
      rspec-support (~> 3.1.0)
    rspec-rails (3.1.0)
      actionpack (>= 3.0)
      activesupport (>= 3.0)
      railties (>= 3.0)
      rspec-core (~> 3.1.0)
      rspec-expectations (~> 3.1.0)
      rspec-mocks (~> 3.1.0)
      rspec-support (~> 3.1.0)
    rspec-support (3.1.2)
    ruby-prof (0.15.3)
    ruby-progressbar (1.7.1)
    ruby2ruby (2.1.3)
      ruby_parser (~> 3.1)
      sexp_processor (~> 4.0)
    ruby_parser (3.5.0)
      sexp_processor (~> 4.1)
    sass (3.2.19)
    sass-rails (4.0.5)
      railties (>= 4.0.0, < 5.0)
      sass (~> 3.2.2)
      sprockets (~> 2.8, < 3.0)
      sprockets-rails (~> 2.0)
    sexp_processor (4.4.5)
    shellany (0.0.1)
    shoulda-matchers (2.7.0)
      activesupport (>= 3.0.0)
    slop (3.6.0)
    spring (1.2.0)
    spring-commands-rspec (1.0.4)
      spring (>= 0.9.1)
    sprockets (2.12.3)
      hike (~> 1.2)
      multi_json (~> 1.0)
      rack (~> 1.0)
      tilt (~> 1.1, != 1.3.0)
    sprockets-rails (2.2.4)
      actionpack (>= 3.0)
      activesupport (>= 3.0)
      sprockets (>= 2.8, < 4.0)
    terminal-table (1.4.5)
    test-unit (3.0.9)
      power_assert
    test_after_commit (0.4.0)
      activerecord (>= 3.2)
    thor (0.19.1)
    thread_safe (0.3.4)
    tilt (1.4.1)
    timecop (0.7.1)
    timers (4.0.1)
      hitimes
    tzinfo (0.3.42)
    uglifier (2.7.0)
      execjs (>= 0.3.0)
      json (>= 1.8.0)
    unicode_utils (1.4.0)
    uniform_notifier (1.6.2)
    xpath (2.0.0)
      nokogiri (~> 1.3)
    yard (0.8.7.6)

PLATFORMS
  ruby

DEPENDENCIES
  annotate
  better_errors
  binding_of_caller
  brakeman
  bullet
  capybara
  capybara-webkit
  coffee-rails (~> 4.0.0)
  database_cleaner (~> 1.3.0)
  ember-rails (~> 0.16.1)
  ember-source (~> 1.9.1)
  emblem-rails (~> 0.2.2)
  factory_girl_rails (~> 4.4.1)
  faker (~> 1.4.3)
  guard-jslint-on-rails
  jasmine
  jazz_hands!
  jbuilder (~> 2.0)
  jquery-rails (~> 3.1.0)
  letter_opener
  meta_request
  pg (~> 0.17.1)
  pry-byebug (~> 1.3.2)
  rails (= 4.0.10)
  rails_best_practices
  rspec-rails (~> 3.1.0)
  ruby-prof
  sass-rails (~> 4.0.3)
  shoulda-matchers
  spring-commands-rspec
  test-unit
  test_after_commit
  timecop (~> 0.7.1)
  uglifier (>= 1.3.0)
